GEM
  remote: http://rubygems.org/
  specs:
    hoe (3.5.1)
      rake (>= 0.8, < 11.0)
    open4 (1.3.0)
    rake (10.0.3)
    right_aws (3.0.5)
      right_http_connection (>= 1.2.5)
    right_http_connection (1.3.0)
    ruby-lvm (0.1.1)
      hoe (>= 1.7.0)
      open4 (>= 0.9.6)
      ruby-lvm-attrib (>= 0.0.1)
    ruby-lvm-attrib (0.0.1)
      hoe (>= 1.7.0)

PLATFORMS
  ruby

DEPENDENCIES
  right_aws
  ruby-lvm
